GEM
  remote: https://rubygems.org/
  specs:
    addressable (2.4.0)
    backports (3.6.8)
    builder (3.1.4)
    coderay (1.1.0)
    excon (0.45.4)
    faraday (0.9.2)
      multipart-post (>= 1.2, < 3)
    ffi (1.9.10-java)
    foreman (0.78.0)
      thor (~> 0.19.1)
    hashie (3.4.3)
    httparty (0.13.7)
      json (~> 1.8)
      multi_xml (>= 0.5.2)
    httpclient (2.7.1)
    json (1.8.3)
    json (1.8.3-java)
    jwt (1.5.1)
    metaclass (0.0.4)
    method_source (0.8.2)
    minitest (5.8.4)
    mocha (1.1.0)
      metaclass (~> 0.0.1)
    multi_json (1.9.0)
    multi_xml (0.5.5)
    multipart-post (2.0.0)
    oauth (0.5.1)
    oauth2 (1.1.0)
      faraday (>= 0.8, < 0.10)
      jwt (~> 1.0, < 1.5.2)
      multi_json (~> 1.3)
      multi_xml (~> 0.5)
      rack (>= 1.2, < 3)
    omniauth (1.3.1)
      hashie (>= 1.2, < 4)
      rack (>= 1.0, < 3)
    omniauth-google-oauth2 (0.2.10)
      addressable (~> 2.3)
      jwt (~> 1.0)
      multi_json (~> 1.3)
      omniauth (>= 1.1.1)
      omniauth-oauth2 (~> 1.3.1)
    omniauth-oauth2 (1.3.1)
      oauth2 (~> 1.0)
      omniauth (~> 1.2)
    pg (0.17.1)
    pry (0.10.3)
      coderay (~> 1.1.0)
      method_source (~> 0.8.1)
      slop (~> 3.4)
    pry (0.10.3-java)
      coderay (~> 1.1.0)
      method_source (~> 0.8.1)
      slop (~> 3.4)
      spoon (~> 0.0)
    puma (2.6.0)
      rack (>= 1.1, < 2.0)
    puma (2.6.0-java)
      rack (>= 1.1, < 2.0)
    queue_classic (2.2.3)
      pg (~> 0.17.0)
    queue_classic-later (0.3.0)
      queue_classic (>= 2.1.3)
    rack (1.6.2)
    rack-protection (1.5.2)
      rack
    rake (10.5.0)
    scrolls (0.3.8)
    sequel (4.7.0)
    sinatra (1.4.4)
      rack (~> 1.4)
      rack-protection (~> 1.4)
      tilt (~> 1.3, >= 1.3.4)
    sinatra-contrib (1.4.2)
      backports (>= 2.0)
      multi_json
      rack-protection
      rack-test
      sinatra (~> 1.4.0)
      tilt (~> 1.3)
    slop (3.6.0)
    spoon (0.0.4)
      ffi
    thor (0.19.1)
    tilt (1.4.1)
    vimeo (1.5.4)
      httparty (>= 0.4.5)
      httpclient (>= 2.1.5.2)
      json (>= 1.1.9)
      multipart-post (>= 1.0.1)
      oauth (>= 0.4.3)

PLATFORMS
  java
  ruby

DEPENDENCIES
  builder
  excon
  foreman
  minitest
  mocha
  omniauth-google-oauth2
  pg
  pry
  puma
  queue_classic
  queue_classic-later
  rack-test!
  rake (~> 10.1)
  scrolls
  sequel
  sinatra
  sinatra-contrib
  vimeo

BUNDLED WITH
   1.11.2
